GEM
  remote: http://rubygems.org/
  specs:
    addressable (2.2.8)
    childprocess (0.3.2)
      ffi (~> 1.0.6)
    diff-lcs (1.1.3)
    ffi (1.0.11)
    libwebsocket (0.1.3)
      addressable
    multi_json (1.3.6)
    page-object (0.6.8)
      selenium-webdriver (>= 2.22.1)
      watir-webdriver (>= 0.6.1)
    rake (0.9.2.2)
    require_all (1.2.1)
    rspec (2.10.0)
      rspec-core (~> 2.10.0)
      rspec-expectations (~> 2.10.0)
      rspec-mocks (~> 2.10.0)
    rspec-core (2.10.1)
    rspec-expectations (2.10.0)
      diff-lcs (~> 1.1.3)
    rspec-extra-formatters (0.4)
    rspec-mocks (2.10.1)
    rubyzip (0.9.8)
    selenium-webdriver (2.22.1)
      childprocess (>= 0.2.5)
      ffi (~> 1.0)
      libwebsocket (~> 0.1.3)
      multi_json (~> 1.0)
      rubyzip
    watir-webdriver (0.6.1)
      selenium-webdriver (>= 2.18.0)

PLATFORMS
  ruby
  x86-mingw32

DEPENDENCIES
  page-object
  rake
  require_all
  rspec
  rspec-extra-formatters
